PATH
  remote: waiter
  specs:
    travis-web (0.0.1)

GEM
  remote: https://rubygems.org/
  specs:
    backports (3.21.0)
    crass (1.0.6)
    diff-lcs (1.4.4)
    foreman (0.87.2)
    hashr (2.0.1)
    multi_json (1.15.0)
    nokogiri (1.12.3-x86_64-linux)
      racc (~> 1.4)
    power_assert (2.0.0)
    puma (3.12.6)
    racc (1.5.2)
    rack (1.6.13)
    rack-mobile-detect (0.4.0)
      rack
    rack-protection (1.5.5)
      rack
    rack-ssl (1.4.1)
      rack
    rack-test (1.1.0)
      rack (>= 1.0, < 3)
    rake (13.0.6)
    rspec (2.99.0)
      rspec-core (~> 2.99.0)
      rspec-expectations (~> 2.99.0)
      rspec-mocks (~> 2.99.0)
    rspec-core (2.99.2)
    rspec-expectations (2.99.2)
      diff-lcs (>= 1.1.3, < 2.0)
    rspec-mocks (2.99.4)
    sanitize (6.0.0)
      crass (~> 1.0.2)
      nokogiri (>= 1.12.0)
    sinatra (1.4.8)
      rack (~> 1.5)
      rack-protection (~> 1.4)
      tilt (>= 1.3, < 3)
    sinatra-contrib (1.4.7)
      backports (>= 2.0)
      multi_json
      rack-protection
      rack-test
      sinatra (~> 1.4.0)
      tilt (>= 1.3, < 3)
    test-unit (3.4.4)
      power_assert
    tilt (2.0.10)

PLATFORMS
  x86_64-linux

DEPENDENCIES
  foreman
  hashr
  puma (~> 3.12.4)
  rack-mobile-detect
  rack-protection (~> 1.4)
  rack-ssl (~> 1.4)
  rake
  rspec (~> 2.11)
  sanitize
  sinatra
  sinatra-contrib
  test-unit
  travis-web!

RUBY VERSION
   ruby 3.0.1p64

BUNDLED WITH
   2.2.15
