PATH
  remote: waiter
  specs:
    travis-web (0.0.1)

GEM
  remote: https://rubygems.org/
  specs:
    crass (1.0.6)
    diff-lcs (1.5.0)
    foreman (0.87.2)
    hashr (2.0.1)
    multi_json (1.15.0)
    mustermann (3.0.0)
      ruby2_keywords (~> 0.0.1)
    nio4r (2.5.9)
    nokogiri (1.15.4-arm64-darwin)
      racc (~> 1.4)
    nokogiri (1.15.4-x86_64-linux)
      racc (~> 1.4)
    power_assert (2.0.3)
    puma (6.4.0)
      nio4r (~> 2.0)
    racc (1.7.2)
    rack (2.2.8)
    rack-mobile-detect (0.4.0)
      rack
    rack-protection (3.0.6)
      rack
    rack-ssl (1.4.1)
      rack
    rack-test (2.1.0)
      rack (>= 1.3)
    rake (13.1.0)
    rspec (3.12.0)
      rspec-core (~> 3.12.0)
      rspec-expectations (~> 3.12.0)
      rspec-mocks (~> 3.12.0)
    rspec-core (3.12.2)
      rspec-support (~> 3.12.0)
    rspec-expectations (3.12.3)
      diff-lcs (>= 1.2.0, < 2.0)
      rspec-support (~> 3.12.0)
    rspec-mocks (3.12.6)
      diff-lcs (>= 1.2.0, < 2.0)
      rspec-support (~> 3.12.0)
    rspec-support (3.12.1)
    ruby2_keywords (0.0.5)
    sanitize (6.1.0)
      crass (~> 1.0.2)
      nokogiri (>= 1.12.0)
    sinatra (3.0.6)
      mustermann (~> 3.0)
      rack (~> 2.2, >= 2.2.4)
      rack-protection (= 3.0.6)
      tilt (~> 2.0)
    sinatra-contrib (3.0.6)
      multi_json
      mustermann (~> 3.0)
      rack-protection (= 3.0.6)
      sinatra (= 3.0.6)
      tilt (~> 2.0)
    test-unit (3.6.1)
      power_assert
    tilt (2.3.0)

PLATFORMS
  arm64-darwin-22
  x86_64-linux

DEPENDENCIES
  foreman
  hashr
  puma
  rack-mobile-detect
  rack-protection
  rack-ssl
  rack-test
  rake
  rspec
  sanitize
  sinatra (= 3.0.6)
  sinatra-contrib
  test-unit
  travis-web!

RUBY VERSION
   ruby 3.2.2p53

BUNDLED WITH
   2.4.21
